GIT
  remote: https://github.com/pengwynn/linkedin.git
  revision: 5ba7d9adc3c4491abb0c1ef9c3cc0ca1ae7aff13
  tag: v0.2.2
  specs:
    linkedin (0.2.2)
      nokogiri (~> 1.4.4)
      oauth (~> 0.4.0)

GIT
  remote: https://github.com/reidab/mogli.git
  revision: bf9cc73404b66c5812f07fd542af2f373b7a3e76
  specs:
    mogli (0.0.25)
      httparty (>= 0.4.3)

GIT
  remote: https://github.com/reidab/redfinger.git
  revision: 46be5f9695be4b3e2b38b21603570dfaa4a5aeb4
  specs:
    redfinger (0.1.0)
      hashie
      nokogiri (>= 1.4.0)
      rest-client (>= 1.5.0)

GEM
  remote: http://rubygems.org/
  specs:
    Platform (0.4.0)
    actionmailer (3.1.0)
      actionpack (= 3.1.0)
      mail (~> 2.3.0)
    actionpack (3.1.0)
      activemodel (= 3.1.0)
      activesupport (= 3.1.0)
      builder (~> 3.0.0)
      erubis (~> 2.7.0)
      i18n (~> 0.6)
      rack (~> 1.3.2)
      rack-cache (~> 1.0.3)
      rack-mount (~> 0.8.2)
      rack-test (~> 0.6.1)
      sprockets (~> 2.0.0)
    activemodel (3.1.0)
      activesupport (= 3.1.0)
      bcrypt-ruby (~> 3.0.0)
      builder (~> 3.0.0)
      i18n (~> 0.6)
    activerecord (3.1.0)
      activemodel (= 3.1.0)
      activesupport (= 3.1.0)
      arel (~> 2.2.1)
      tzinfo (~> 0.3.29)
    activeresource (3.1.0)
      activemodel (= 3.1.0)
      activesupport (= 3.1.0)
    activesupport (3.1.0)
      multi_json (~> 1.0)
    acts-as-taggable-on (2.1.1)
      rails
    addressable (2.2.4)
    annotate (2.4.0)
    archive-tar-minitar (0.5.2)
    arel (2.2.1)
    awesome_print (0.4.0)
    aws-s3 (0.6.2)
      builder
      mime-types
      xml-simple
    bcrypt-ruby (3.0.1)
    builder (3.0.0)
    capybara (1.1.1)
      mime-types (>= 1.16)
      nokogiri (>= 1.3.3)
      rack (>= 1.0.0)
      rack-test (>= 0.5.4)
      selenium-webdriver (~> 2.0)
      xpath (~> 0.1.4)
    childprocess (0.2.2)
      ffi (~> 1.0.6)
    chunky_png (1.2.4)
    cocaine (0.2.0)
    columnize (0.3.4)
    compass (0.11.5)
      chunky_png (~> 1.2)
      fssm (>= 0.2.7)
      sass (~> 3.1)
    compass-960-plugin (0.10.4)
      compass (>= 0.10.0)
    database_cleaner (0.6.7)
    devise (1.4.5)
      bcrypt-ruby (~> 3.0)
      orm_adapter (~> 0.0.3)
      warden (~> 1.0.3)
    diff-lcs (1.1.3)
    drx (0.4.5)
    erubis (2.7.0)
    factory_girl (2.1.0)
    factory_girl_rails (1.2.0)
      factory_girl (~> 2.1.0)
      railties (>= 3.0.0)
    faker (1.0.0)
      i18n (~> 0.4)
    fakeweb (1.3.0)
    faraday (0.6.1)
      addressable (~> 2.2.4)
      multipart-post (~> 1.1.0)
      rack (>= 1.1.0, < 2)
    faraday_middleware (0.6.5)
      faraday (~> 0.6.0)
    ffi (1.0.9)
    formtastic (1.2.4)
      actionpack (>= 2.3.7)
      activesupport (>= 2.3.7)
      i18n (~> 0.4)
    foursquare2 (1.1.1)
      faraday (>= 0.6, < 0.8)
      faraday_middleware (>= 0.6, < 0.8)
      hashie (~> 1.0)
    friendly_id (4.0.0.beta14)
    fssm (0.2.7)
    haml (3.1.3)
    has_scope (0.5.1)
    hashie (1.0.0)
    hike (1.2.1)
    hoptoad_notifier (2.4.11)
      activesupport
      builder
    httparty (0.8.0)
      multi_json
      multi_xml
    i18n (0.6.0)
    inherited_resources (1.3.0)
      has_scope (~> 0.5.0)
      responders (~> 0.6.0)
    jquery-rails (1.0.14)
      railties (~> 3.0)
      thor (~> 0.14)
    json (1.6.1)
    json_pure (1.6.1)
    launchy (2.0.3)
    linecache (0.46)
      rbx-require-relative (> 0.0.4)
    linecache19 (0.5.12)
      ruby_core_source (>= 0.1.4)
    macaddr (1.4.0)
      systemu (~> 2.2.0)
    mail (2.3.0)
      i18n (>= 0.4.0)
      mime-types (~> 1.16)
      treetop (~> 1.4.8)
    metaclass (0.0.1)
    mime-types (1.16)
    mocha (0.10.0)
      metaclass (~> 0.0.1)
    multi_json (1.0.3)
    multi_xml (0.2.2)
    multipart-post (1.1.3)
    mysql2 (0.3.7)
    net-dns (0.6.1)
    net-ldap (0.2.2)
    nifty-generators (0.4.6)
    nokogiri (1.4.7)
    oa-basic (0.2.6)
      oa-core (= 0.2.6)
      rest-client (~> 1.6.0)
    oa-core (0.2.6)
    oa-enterprise (0.2.6)
      addressable (= 2.2.4)
      net-ldap (~> 0.2.2)
      nokogiri (~> 1.4.2)
      oa-core (= 0.2.6)
      pyu-ruby-sasl (~> 0.0.3.1)
      rubyntlm (~> 0.1.1)
    oa-more (0.2.6)
      multi_json (~> 1.0.0)
      oa-core (= 0.2.6)
      rest-client (~> 1.6.0)
    oa-oauth (0.2.6)
      faraday (~> 0.6.1)
      multi_json (~> 1.0.0)
      multi_xml (~> 0.2.2)
      oa-core (= 0.2.6)
      oauth (~> 0.4.0)
      oauth2 (~> 0.4.1)
    oa-openid (0.2.6)
      oa-core (= 0.2.6)
      rack-openid (~> 1.3.1)
      ruby-openid-apps-discovery (~> 1.2.0)
    oauth (0.4.5)
    oauth2 (0.4.1)
      faraday (~> 0.6.1)
      multi_json (>= 0.0.5)
    omniauth (0.2.6)
      oa-basic (= 0.2.6)
      oa-core (= 0.2.6)
      oa-enterprise (= 0.2.6)
      oa-more (= 0.2.6)
      oa-oauth (= 0.2.6)
      oa-openid (= 0.2.6)
    orm_adapter (0.0.5)
    paper_trail (2.3.3)
      rails (~> 3)
    paper_trail_manager (0.1.4)
      paper_trail (~> 2.0)
      rails (~> 3.0)
      will_paginate (~> 3.0.pre2)
    paperclip (2.4.1)
      activerecord (>= 2.3.0)
      activesupport (>= 2.3.2)
      cocaine (>= 0.0.2)
      mime-types
    polyglot (0.3.2)
    pyu-ruby-sasl (0.0.3.3)
    rack (1.3.3)
    rack-cache (1.0.3)
      rack (>= 0.4)
    rack-jsonp (1.2.0)
      rack
    rack-mount (0.8.3)
      rack (>= 1.0.0)
    rack-openid (1.3.1)
      rack (>= 1.1.0)
      ruby-openid (>= 2.1.8)
    rack-ssl (1.3.2)
      rack
    rack-test (0.6.1)
      rack (>= 1.0)
    rails (3.1.0)
      actionmailer (= 3.1.0)
      actionpack (= 3.1.0)
      activerecord (= 3.1.0)
      activeresource (= 3.1.0)
      activesupport (= 3.1.0)
      bundler (~> 1.0)
      railties (= 3.1.0)
    railties (3.1.0)
      actionpack (= 3.1.0)
      activesupport (= 3.1.0)
      rack-ssl (~> 1.3.2)
      rake (>= 0.8.7)
      rdoc (~> 3.4)
      thor (~> 0.14.6)
    rake (0.9.2)
    rbx-require-relative (0.0.5)
    rcov (0.9.10)
    rdoc (3.9.4)
    responders (0.6.4)
    rest-client (1.6.7)
      mime-types (>= 1.16)
    riddle (1.4.0)
    rspec (2.6.0)
      rspec-core (~> 2.6.0)
      rspec-expectations (~> 2.6.0)
      rspec-mocks (~> 2.6.0)
    rspec-core (2.6.4)
    rspec-expectations (2.6.0)
      diff-lcs (~> 1.1.2)
    rspec-mocks (2.6.0)
    rspec-rails (2.6.1)
      actionpack (~> 3.0)
      activesupport (~> 3.0)
      railties (~> 3.0)
      rspec (~> 2.6.0)
    ruby-debug (0.10.4)
      columnize (>= 0.1)
      ruby-debug-base (~> 0.10.4.0)
    ruby-debug-base (0.10.4)
      linecache (>= 0.3)
    ruby-debug-base19 (0.11.25)
      columnize (>= 0.3.1)
      linecache19 (>= 0.5.11)
      ruby_core_source (>= 0.1.4)
    ruby-debug19 (0.11.6)
      columnize (>= 0.3.1)
      linecache19 (>= 0.5.11)
      ruby-debug-base19 (>= 0.11.19)
    ruby-openid (2.1.8)
    ruby-openid-apps-discovery (1.2.0)
      ruby-openid (>= 2.1.7)
    ruby_core_source (0.1.5)
      archive-tar-minitar (>= 0.5.2)
    rubyntlm (0.1.1)
    rubyzip (0.9.4)
    sass (3.1.7)
    selenium-webdriver (2.6.0)
      childprocess (>= 0.2.1)
      ffi (>= 1.0.7)
      json_pure
      rubyzip
    simple_oauth (0.1.5)
    simplecov (0.5.4)
      multi_json (~> 1.0.3)
      simplecov-html (~> 0.5.3)
    simplecov-html (0.5.3)
    spork (0.8.5)
    sprockets (2.0.0)
      hike (~> 1.2)
      rack (~> 1.0)
      tilt (~> 1.1, != 1.3.0)
    steak (2.0.0)
      capybara (>= 1.0.0)
      rspec-rails (>= 2.5.0)
    systemu (2.2.0)
    thinking-sphinx (2.0.7)
      activerecord (>= 3.0.3)
      riddle (>= 1.3.3)
    thor (0.14.6)
    tilt (1.3.3)
    treetop (1.4.10)
      polyglot
      polyglot (>= 0.3.1)
    twitter (1.6.0)
      faraday (~> 0.6.1)
      faraday_middleware (~> 0.6.3)
      hashie (~> 1.0.0)
      multi_json (~> 1.0.0)
      multi_xml (~> 0.2.0)
      simple_oauth (~> 0.1.5)
    tzinfo (0.3.29)
    utility_belt (1.1.0)
      Platform (>= 0.4.0)
      aws-s3 (>= 0.4.0)
      wirble (>= 0.1.2)
    uuid (2.3.4)
      macaddr (~> 1.0)
    warden (1.0.5)
      rack (>= 1.0)
    will_paginate (3.0.1)
    wirble (0.1.3)
    xml-simple (1.1.0)
    xpath (0.1.4)
      nokogiri (~> 1.3)

PLATFORMS
  ruby

DEPENDENCIES
  acts-as-taggable-on (~> 2.1.1)
  addressable (~> 2.2.4)
  annotate
  awesome_print
  capybara (~> 1.1.1)
  compass (~> 0.11.5)
  compass-960-plugin (~> 0.10.4)
  database_cleaner
  devise (~> 1.4.5)
  drx
  factory_girl_rails
  faker
  fakeweb
  formtastic (~> 1.2.4)
  foursquare2 (~> 1.1.0)
  friendly_id (= 4.0.0.beta14)
  haml (~> 3.1.2)
  hoptoad_notifier
  httparty (~> 0.8.0)
  inherited_resources (~> 1.3.0)
  jquery-rails (>= 1.0.14)
  json (~> 1.6.1)
  launchy
  linkedin (~> 0.2.2)!
  mocha
  mogli (~> 0.0.25)!
  mysql2 (~> 0.3.2)
  net-dns (~> 0.6.1)
  nifty-generators
  omniauth (~> 0.2.6)
  paper_trail (~> 2)
  paper_trail_manager
  paperclip (~> 2.3)
  rack-jsonp (~> 1.2.0)
  rails (= 3.1.0)
  rake
  rcov
  redfinger (~> 0.1.0)!
  responders (~> 0.6.2)
  rspec-rails (>= 2.6.0)
  ruby-debug
  ruby-debug19
  ruby-openid (~> 2.1.8)
  sass (~> 3.1.4)
  simplecov
  spork
  steak (= 2.0.0)
  thinking-sphinx (~> 2.0.1)
  twitter (~> 1.6.0)
  utility_belt
  uuid
  will_paginate (~> 3.0.1)
  wirble
