GIT
  remote: https://github.com/pengwynn/linkedin.git
  revision: c5d59d7eac0cdab704bc83be7384b590e177e8c4
  specs:
    linkedin (0.1.7)
      crack (~> 0.1.4)
      nokogiri (~> 1.4.4)
      oauth (~> 0.4.0)

GIT
  remote: https://github.com/reidab/mogli.git
  revision: bf9cc73404b66c5812f07fd542af2f373b7a3e76
  specs:
    mogli (0.0.25)
      httparty (>= 0.4.3)

GIT
  remote: https://github.com/reidab/paper_trail_manager.git
  revision: 73d7b66688df0cf0b48f94308d90b731a59bb32b
  specs:
    paper_trail_manager (0.0.0)
      capybara (>= 0.4.0)
      factory_girl_rails (~> 1.1.beta1)
      haml (~> 3.0.0)
      haml (~> 3.0.0)
      jeweler (~> 1.5.2)
      paper_trail (~> 2.0)
      paper_trail (~> 2)
      rails (~> 3.0.3)
      rspec-rails (~> 2.5.0)
      ruby-debug
      spork (~> 0.9.0.rc)
      sqlite3-ruby

GIT
  remote: https://github.com/reidab/redfinger.git
  revision: 54ae948ca4cb8ac908b19779a02d27e58dbfbc11
  specs:
    redfinger (0.1.0)
      hashie
      nokogiri (>= 1.4.0)
      rest-client (>= 1.5.0)

GEM
  remote: http://rubygems.org/
  specs:
    Platform (0.4.0)
    abstract (1.0.0)
    actionmailer (3.0.3)
      actionpack (= 3.0.3)
      mail (~> 2.2.9)
    actionpack (3.0.3)
      activemodel (= 3.0.3)
      activesupport (= 3.0.3)
      builder (~> 2.1.2)
      erubis (~> 2.6.6)
      i18n (~> 0.4)
      rack (~> 1.2.1)
      rack-mount (~> 0.6.13)
      rack-test (~> 0.5.6)
      tzinfo (~> 0.3.23)
    activemodel (3.0.3)
      activesupport (= 3.0.3)
      builder (~> 2.1.2)
      i18n (~> 0.4)
    activerecord (3.0.3)
      activemodel (= 3.0.3)
      activesupport (= 3.0.3)
      arel (~> 2.0.2)
      tzinfo (~> 0.3.23)
    activeresource (3.0.3)
      activemodel (= 3.0.3)
      activesupport (= 3.0.3)
    activesupport (3.0.3)
    addressable (2.2.4)
    annotate (2.4.0)
    arel (2.0.9)
    awesome_print (0.3.2)
    aws-s3 (0.6.2)
      builder
      mime-types
      xml-simple
    bcrypt-ruby (2.1.4)
    builder (2.1.2)
    capybara (0.4.1.2)
      celerity (>= 0.7.9)
      culerity (>= 0.2.4)
      mime-types (>= 1.16)
      nokogiri (>= 1.3.3)
      rack (>= 1.0.0)
      rack-test (>= 0.5.4)
      selenium-webdriver (>= 0.0.27)
      xpath (~> 0.1.3)
    celerity (0.8.8)
    childprocess (0.1.7)
      ffi (~> 0.6.3)
    columnize (0.3.2)
    compass (0.10.6)
      haml (>= 3.0.4)
    compass-960-plugin (0.9.13)
      compass (>= 0.10.0.rc3)
    crack (0.1.8)
    cucumber (0.10.0)
      builder (>= 2.1.2)
      diff-lcs (~> 1.1.2)
      gherkin (~> 2.3.2)
      json (~> 1.4.6)
      term-ansicolor (~> 1.0.5)
    culerity (0.2.15)
    devise (1.1.7)
      bcrypt-ruby (~> 2.1.2)
      warden (~> 1.0.2)
    diff-lcs (1.1.2)
    drx (0.4.5)
    erubis (2.6.6)
      abstract (>= 1.0.0)
    factory_girl (2.0.0.beta2)
    factory_girl_rails (1.1.beta1)
      factory_girl (~> 2.0.0.beta)
      rails (>= 3.0.0)
    faraday (0.5.7)
      addressable (~> 2.2.4)
      multipart-post (~> 1.1.0)
      rack (>= 1.1.0, < 2)
    faraday_middleware (0.3.2)
      faraday (~> 0.5.4)
    ffi (0.6.3)
      rake (>= 0.8.7)
    formtastic (1.1.0)
      actionpack (>= 2.3.0)
      activesupport (>= 2.3.0)
      i18n (>= 0.4.0)
    foursquare (0.3.4)
      hashie (>= 0.1.8)
      httparty (>= 0.4.3)
      oauth (>= 0.3.5)
    gherkin (2.3.3)
      json (~> 1.4.6)
    git (1.2.5)
    haml (3.0.25)
    hashie (1.0.0)
    hoptoad_notifier (2.4.6)
      activesupport
      builder
    httparty (0.7.4)
      crack (= 0.1.8)
    i18n (0.5.0)
    jeweler (1.5.2)
      bundler (~> 1.0.0)
      git (>= 1.2.5)
      rake
    jquery-rails (0.2.7)
      rails (~> 3.0)
      thor (~> 0.14.4)
    json (1.4.6)
    json_pure (1.5.1)
    linecache (0.43)
    mail (2.2.15)
      activesupport (>= 2.3.6)
      i18n (>= 0.4.0)
      mime-types (~> 1.16)
      treetop (~> 1.4.8)
    mime-types (1.16)
    mocha (0.9.12)
    multi_json (0.0.5)
    multi_xml (0.2.1)
    multipart-post (1.1.0)
    mysql (2.8.1)
    net-dns (0.6.1)
    net-ldap (0.1.1)
    nifty-generators (0.4.5)
    nokogiri (1.4.4)
    oa-basic (0.1.6)
      multi_json (~> 0.0.2)
      nokogiri (~> 1.4.2)
      oa-core (= 0.1.6)
      rest-client (~> 1.6.0)
    oa-core (0.1.6)
      rack (~> 1.1)
    oa-enterprise (0.1.6)
      net-ldap (~> 0.1.1)
      nokogiri (~> 1.4.2)
      oa-core (= 0.1.6)
      pyu-ruby-sasl (~> 0.0.3.1)
      rubyntlm (~> 0.1.1)
    oa-oauth (0.1.6)
      multi_json (~> 0.0.2)
      nokogiri (~> 1.4.2)
      oa-core (= 0.1.6)
      oauth (~> 0.4.0)
      oauth2 (~> 0.1.0)
    oa-openid (0.1.6)
      oa-core (= 0.1.6)
      rack-openid (~> 1.2.0)
      ruby-openid-apps-discovery
    oauth (0.4.4)
    oauth2 (0.1.1)
      faraday (~> 0.5.0)
      multi_json (~> 0.0.4)
    omniauth (0.1.6)
      oa-basic (= 0.1.6)
      oa-core (= 0.1.6)
      oa-enterprise (= 0.1.6)
      oa-oauth (= 0.1.6)
      oa-openid (= 0.1.6)
    paper_trail (2.0.1)
      rails (~> 3)
    paperclip (2.3.8)
      activerecord
      activesupport
    polyglot (0.3.1)
    pyu-ruby-sasl (0.0.3.2)
    rack (1.2.1)
    rack-mount (0.6.13)
      rack (>= 1.0.0)
    rack-openid (1.2.0)
      rack (>= 1.1.0)
      ruby-openid (>= 2.1.8)
    rack-test (0.5.7)
      rack (>= 1.0)
    rails (3.0.3)
      actionmailer (= 3.0.3)
      actionpack (= 3.0.3)
      activerecord (= 3.0.3)
      activeresource (= 3.0.3)
      activesupport (= 3.0.3)
      bundler (~> 1.0)
      railties (= 3.0.3)
    railties (3.0.3)
      actionpack (= 3.0.3)
      activesupport (= 3.0.3)
      rake (>= 0.8.7)
      thor (~> 0.14.4)
    rake (0.8.7)
    rest-client (1.6.1)
      mime-types (>= 1.16)
    rspec (2.5.0)
      rspec-core (~> 2.5.0)
      rspec-expectations (~> 2.5.0)
      rspec-mocks (~> 2.5.0)
    rspec-core (2.5.1)
    rspec-expectations (2.5.0)
      diff-lcs (~> 1.1.2)
    rspec-mocks (2.5.0)
    rspec-rails (2.5.0)
      actionpack (~> 3.0)
      activesupport (~> 3.0)
      railties (~> 3.0)
      rspec (~> 2.5.0)
    ruby-debug (0.10.4)
      columnize (>= 0.1)
      ruby-debug-base (~> 0.10.4.0)
    ruby-debug-base (0.10.4)
      linecache (>= 0.3)
    ruby-openid (2.1.8)
    ruby-openid-apps-discovery (1.2.0)
      ruby-openid (>= 2.1.7)
    rubyntlm (0.1.1)
    rubyzip (0.9.4)
    selenium-webdriver (0.1.3)
      childprocess (~> 0.1.5)
      ffi (~> 0.6.3)
      json_pure
      rubyzip
    simple_oauth (0.1.4)
    spork (0.9.0.rc4)
    sqlite3 (1.3.3)
    sqlite3-ruby (1.3.3)
      sqlite3 (>= 1.3.3)
    term-ansicolor (1.0.5)
    thor (0.14.6)
    treetop (1.4.9)
      polyglot (>= 0.3.1)
    twitter (1.1.2)
      faraday (~> 0.5.4)
      faraday_middleware (~> 0.3.1)
      hashie (~> 1.0.0)
      multi_json (~> 0.0.5)
      multi_xml (~> 0.2.0)
      simple_oauth (~> 0.1.3)
    tzinfo (0.3.24)
    utility_belt (1.1.0)
      Platform (>= 0.4.0)
      aws-s3 (>= 0.4.0)
      wirble (>= 0.1.2)
    warden (1.0.3)
      rack (>= 1.0.0)
    webrat (0.7.3)
      nokogiri (>= 1.2.0)
      rack (>= 1.0)
      rack-test (>= 0.5.3)
    wirble (0.1.3)
    xml-simple (1.0.14)
    xpath (0.1.3)
      nokogiri (~> 1.3)

PLATFORMS
  ruby

DEPENDENCIES
  addressable (~> 2.2.4)
  annotate
  awesome_print
  compass (~> 0.10.5)
  compass-960-plugin (~> 0.9.13)
  cucumber
  devise (~> 1.1.5)
  drx
  formtastic (~> 1.1.0)
  foursquare (~> 0.3.4)
  haml (~> 3.0.18)
  hoptoad_notifier
  httparty (~> 0.7.4)
  jquery-rails (>= 0.2.6)
  json (~> 1.4.6)
  linkedin (~> 0.1.7)!
  mocha
  mogli (~> 0.0.25)!
  mysql
  net-dns (~> 0.6.1)
  nifty-generators
  omniauth (~> 0.1.6)
  paper_trail (~> 2)
  paper_trail_manager!
  paperclip (~> 2.3)
  rails (= 3.0.3)
  redfinger (~> 0.1.0)!
  rspec-rails (>= 2.0.0.beta.22)
  ruby-debug
  ruby-openid (~> 2.1.8)
  sqlite3-ruby
  twitter (~> 1.1.1)
  utility_belt
  webrat
  wirble
